{
    "TaskName": "sim",
    "RepetitionTime": 1.5,
    "EchoTime": 0.0276,
    "FlipAngle": 71,
    "PhaseEncodingDirection": "j",
    "Manufacturer": "GE",
    "ManufacturerModelName": "GE Discovery MR750",
    "MagneticFieldStrength": 3,
    "EffectiveEchoSpacing": 0.000354,
    "TotalReadoutTime": 0.05133,
	"SliceThickness": 1.6,
    "MultibandAccelerationFactor": 3,
    "PulseSequenceType": "Multiband Gradient Echo EPI",
    "InstitutionName": "Stanford CNI",
    "SoftwareVersions": "DV24.0_R01_1344.a",
	"CoilString": "RM:Nova32ch",
	"PartialFourier": 0.0136986,
	"AcquisitionMatrixPE": 146,
	"ReconMatrixPE": 146
}