{
	"Modality": "MR",
	"MagneticFieldStrength": 3,
	"Manufacturer": "GE",
	"ManufacturersModelName": "DISCOVERY_MR750",
	"InstitutionName": "Stanford CNI",
	"DeviceSerialNumber": "00000650723PSYMR",
	"SoftwareVersions": "24_LX_MR_Software_release:DV24.0_R01_1344.a",
	"EchoTime": 0.0701,
	"RepetitionTime": 7.98,
	"FlipAngle": 90,
	"CoilString": "RM:Nova32ch",
	"AcquisitionMatrixPE": 110,
	"ReconMatrixPE": 110,
	"EffectiveEchoSpacing": 0.000684,
	"TotalReadoutTime": 0.074556,
	"PhaseEncodingDirection": "j",
	"NumDirections": 72
}
